GEM
  remote: https://rubygems.org/
  specs:
    actionmailer (3.2.18)
      actionpack (= 3.2.18)
      mail (~> 2.5.4)
    actionpack (3.2.18)
      activemodel (= 3.2.18)
      activesupport (= 3.2.18)
      builder (~> 3.0.0)
      erubis (~> 2.7.0)
      journey (~> 1.0.4)
      rack (~> 1.4.5)
      rack-cache (~> 1.2)
      rack-test (~> 0.6.1)
      sprockets (~> 2.2.1)
    activemodel (3.2.18)
      activesupport (= 3.2.18)
      builder (~> 3.0.0)
    activerecord (3.2.18)
      activemodel (= 3.2.18)
      activesupport (= 3.2.18)
      arel (~> 3.0.2)
      tzinfo (~> 0.3.29)
    activeresource (3.2.18)
      activemodel (= 3.2.18)
      activesupport (= 3.2.18)
    activesupport (3.2.18)
      i18n (~> 0.6, >= 0.6.4)
      multi_json (~> 1.0)
    arel (3.0.3)
    builder (3.0.4)
    erubis (2.7.0)
    hike (1.2.3)
    i18n (0.6.9)
    journey (1.0.4)
    json (1.8.1)
    mail (2.5.4)
      mime-types (~> 1.16)
      treetop (~> 1.4.8)
    metaclass (0.0.1)
    mime-types (1.25.1)
    mocha (0.14.0)
      metaclass (~> 0.0.1)
    multi_json (1.10.1)
    polyglot (0.3.5)
    rack (1.4.5)
    rack-cache (1.2)
      rack (>= 0.4)
    rack-ssl (1.3.4)
      rack
    rack-test (0.6.2)
      rack (>= 1.0)
    rails (3.2.18)
      actionmailer (= 3.2.18)
      actionpack (= 3.2.18)
      activerecord (= 3.2.18)
      activeresource (= 3.2.18)
      activesupport (= 3.2.18)
      bundler (~> 1.0)
      railties (= 3.2.18)
    railties (3.2.18)
      actionpack (= 3.2.18)
      activesupport (= 3.2.18)
      rack-ssl (~> 1.3.2)
      rake (>= 0.8.7)
      rdoc (~> 3.4)
      thor (>= 0.14.6, < 2.0)
    rake (10.1.1)
    rdoc (3.12.2)
      json (~> 1.4)
    sprockets (2.2.2)
      hike (~> 1.2)
      multi_json (~> 1.0)
      rack (~> 1.0)
      tilt (~> 1.1, != 1.3.0)
    test-unit (2.5.5)
    thor (0.19.1)
    tilt (1.4.1)
    treetop (1.4.15)
      polyglot
      polyglot (>= 0.3.1)
    tzinfo (0.3.39)

PLATFORMS
  ruby

DEPENDENCIES
  mocha
  rails (= 3.2.18)
  rake
  test-unit
